GEM
  remote: https://rubygems.org/
  specs:
    csv (3.2.2)
    dotenv (2.7.6)
    json (2.6.1)
    stripe (5.45.0)

PLATFORMS
  x86_64-darwin-19
  x86_64-linux

DEPENDENCIES
  csv
  dotenv
  json
  stripe

RUBY VERSION
   ruby 3.1.2p20

BUNDLED WITH
   2.3.7
