GEM
  remote: https://rubygems.org/
  specs:
    MailchimpMarketing (3.0.75)
      excon (>= 0.76.0, < 1)
      json (~> 2.1, >= 2.1.0)
    activesupport (7.0.3)
      concurrent-ruby (~> 1.0, >= 1.0.2)
      i18n (>= 1.6, < 2)
      minitest (>= 5.1)
      tzinfo (~> 2.0)
    concurrent-ruby (1.1.10)
    csv (3.2.2)
    dotenv (2.7.6)
    excon (0.92.3)
    i18n (1.10.0)
      concurrent-ruby (~> 1.0)
    json (2.6.1)
    minitest (5.16.0)
    stripe (5.45.0)
    tzinfo (2.0.4)
      concurrent-ruby (~> 1.0)

PLATFORMS
  x86_64-darwin-19
  x86_64-linux

DEPENDENCIES
  MailchimpMarketing
  activesupport
  csv
  dotenv
  json
  stripe

RUBY VERSION
   ruby 3.1.2p20

BUNDLED WITH
   2.3.7
